PATH
  remote: .
  specs:
    redrock (0.1.1)
      thin
      webmock

GEM
  remote: http://rubygems.org/
  specs:
    addressable (2.2.0)
    crack (0.1.8)
    curb (0.7.8)
    daemons (1.1.0)
    eventmachine (0.12.10)
    rack (1.2.1)
    rspec (1.3.0)
    thin (1.2.7)
      daemons (>= 1.0.9)
      eventmachine (>= 0.12.6)
      rack (>= 1.0.0)
    webmock (1.3.5)
      addressable (>= 2.1.1)
      crack (>= 0.1.7)

PLATFORMS
  ruby

DEPENDENCIES
  curb
  redrock!
  rspec
  thin
  webmock
